GEM
  remote: https://rubygems.org/
  specs:
    yaml (0.3.0)

PLATFORMS
  ruby
  x86_64-linux

DEPENDENCIES
  yaml (~> 0.3.0)

BUNDLED WITH
   2.5.14
